GEM
  remote: http://ruby.taobao.org/
  specs:
    mini_magick (3.8.1)
      subexec (~> 0.2.1)
    rake (10.3.2)
    subexec (0.2.3)

PLATFORMS
  ruby

DEPENDENCIES
  mini_magick
  rake
